GEM
  remote: https://rubygems.org/
  specs:
    json (2.0.3)
    puma (3.6.2)
    rack (1.6.5)
    rack-protection (1.5.3)
      rack
    sass (3.4.23)
    sinatra (1.4.7)
      rack (~> 1.5)
      rack-protection (~> 1.4)
      tilt (>= 1.3, < 3)
    tilt (2.0.5)

PLATFORMS
  ruby

DEPENDENCIES
  json (= 2.0.3)
  puma (= 3.6.2)
  sass (= 3.4.23)
  sinatra (= 1.4.7)

RUBY VERSION
   ruby 2.3.3p222

BUNDLED WITH
   1.14.1
